GEM
  remote: https://rubygems.org/
  specs:
    diff-lcs (1.3)
    httparty (0.16.2)
      multi_xml (>= 0.5.2)
    mini_portile2 (2.3.0)
    multi_xml (0.6.0)
    nokogiri (1.8.2)
      mini_portile2 (~> 2.3.0)
    rmagick (2.15.4)
    rspec (3.7.0)
      rspec-core (~> 3.7.0)
      rspec-expectations (~> 3.7.0)
      rspec-mocks (~> 3.7.0)
    rspec-core (3.7.1)
      rspec-support (~> 3.7.0)
    rspec-expectations (3.7.0)
      diff-lcs (>= 1.2.0, < 2.0)
      rspec-support (~> 3.7.0)
    rspec-mocks (3.7.0)
      diff-lcs (>= 1.2.0, < 2.0)
      rspec-support (~> 3.7.0)
    rspec-support (3.7.1)

PLATFORMS
  ruby

DEPENDENCIES
  httparty
  nokogiri
  rmagick (~> 2.15.1)
  rspec

BUNDLED WITH
   1.16.1
